GEM
  remote: http://rubygems.org/
  specs:
    RedCloth (4.2.3)
    archive-tar-minitar (0.5.2)
    compass (0.10.6)
      haml (>= 3.0.4)
    daemons (1.1.0)
    downlow (0.1.4)
      archive-tar-minitar (>= 0.5.2)
      rubyzip (>= 0.9.4)
    eventmachine (0.12.10)
    fakeweb (1.3.0)
    fssm (0.2.0)
    haml (3.0.24)
    jim (0.3.0.pre)
      downlow (~> 0.1.3)
      downlow (~> 0.1.4)
      fakeweb (>= 1.2.8)
      fssm
      fssm (~> 0.2.0)
      leftright
      mocha
      shoulda
      thor
      thor (~> 0.14.4)
      version_sorter (~> 1.1.0)
      version_sorter (~> 1.1.0)
      yajl-ruby
      yajl-ruby
    leftright (0.9.0)
    mocha (0.9.9)
      rake
    rack (1.2.1)
    rake (0.8.7)
    rubyzip (0.9.4)
    shotgun (0.8)
      rack (>= 1.0)
    shoulda (2.11.3)
    sinatra (1.1.0)
      rack (~> 1.1)
      tilt (~> 1.1)
    thin (1.2.7)
      daemons (>= 1.0.9)
      eventmachine (>= 0.12.6)
      rack (>= 1.0.0)
    thor (0.14.4)
    tilt (1.1)
    version_sorter (1.1.0)
    yajl-ruby (0.7.8)

PLATFORMS
  ruby

DEPENDENCIES
  RedCloth
  compass
  haml
  jim (= 0.3.0.pre)
  shotgun
  sinatra (= 1.1.0)
  thin
  yajl-ruby
